{
	"Modality": "MR",
	"MagneticFieldStrength": 3,
	"Manufacturer": "Siemens",
	"ManufacturersModelName": "Prisma_fit",
	"InstitutionName": "UoR",
	"InstitutionalDepartmentName": "Department",
	"InstitutionAddress": "Whiteknights_Campus_StreetNo_Reading_District_GB_RG6_7BE",
	"DeviceSerialNumber": "167013",
	"StationName": "AWP167013",
	"BodyPartExamined": "HEAD",
	"PatientPosition": "HFS",
	"ProcedureStepDescription": "head_Christos_Pilatsikas",
	"SoftwareVersions": "syngo_MR_E11",
	"MRAcquisitionType": "3D",
	"SeriesDescription": "t1_mprage_sag_HCP_256_32ch",
	"ProtocolName": "t1_mprage_sag_HCP_256_32ch",
	"ScanningSequence": "GR_IR",
	"SequenceVariant": "SK_SP_MP_OSP",
	"ScanOptions": "IR_WE",
	"SequenceName": "_tfl3d1_16ns",
	"ImageType": ["ORIGINAL", "PRIMARY", "M", "ND", "NORM"],
	"SeriesNumber": 9,
	"AcquisitionTime": "16:00:55.062500",
	"AcquisitionNumber": 1,
	"SliceThickness": 0.7,
	"SAR": 0.0486408,
	"EchoTime": 0.00241,
	"RepetitionTime": 2.4,
	"InversionTime": 1.14,
	"FlipAngle": 8,
	"PartialFourier": 1,
	"BaseResolution": 320,
	"ShimSetting": [
		1924,
		-6470,
		11871,
		492,
		62,
		-215,
		129,
		-26	],
	"TxRefAmp": 238.14,
	"PhaseResolution": 1,
	"PhaseOversampling": 0.1,
	"ReceiveCoilName": "Head_32",
	"ReceiveCoilActiveElements": "HEA;HEP",
	"PulseSequenceDetails": "%SiemensSeq%_tfl",
	"ConsistencyInfo": "N4_VE11C_LATEST_20160120",
	"PercentPhaseFOV": 100,
	"PhaseEncodingSteps": 351,
	"AcquisitionMatrixPE": 320,
	"ReconMatrixPE": 320,
	"ParallelReductionFactorInPlane": 2,
	"PixelBandwidth": 210,
	"DwellTime": 7.4e-06,
	"ImageOrientationPatientDICOM": [
		0.00752564,
		0.994011,
		0.109023,
		-0.0171832,
		0.109138,
		-0.993878	],
	"InPlanePhaseEncodingDirectionDICOM": "ROW",
	"ConversionSoftware": "dcm2niix",
	"ConversionSoftwareVersion": "v1.0.20180622 GCC5.3.1"
}
