{
	"TaskName": "rest",	
	"Modality": "MR",
	"MagneticFieldStrength": 3,
	"Manufacturer": "Siemens",
	"ManufacturersModelName": "Prisma_fit",
	"InstitutionName": "UoR",
	"InstitutionalDepartmentName": "Department",
	"InstitutionAddress": "Whiteknights_Campus_StreetNo_Reading_District_GB_RG6_7BE",
	"DeviceSerialNumber": "167013",
	"StationName": "AWP167013",
	"BodyPartExamined": "HEAD",
	"PatientPosition": "HFS",
	"ProcedureStepDescription": "head_Christos_Pilatsikas",
	"SoftwareVersions": "syngo_MR_E11",
	"MRAcquisitionType": "2D",
	"SeriesDescription": "Resting_ep2d_bold_p2_s4_32ch_TR1500_2.1x2.1_68_32-head-Coil",
	"ProtocolName": "Resting_ep2d_bold_p2_s4_32ch_TR1500_2.1x2.1_68_32-head-Coil",
	"ScanningSequence": "EP",
	"SequenceVariant": "SK",
	"ScanOptions": "FS",
	"SequenceName": "_epfid2d1_90",
	"ImageType": ["ORIGINAL", "PRIMARY", "M", "ND", "MOSAIC"],
	"SeriesNumber": 5,
	"AcquisitionTime": "11:33:59.620000",
	"AcquisitionNumber": 1,
	"SliceThickness": 2,
	"SpacingBetweenSlices": 2,
	"SAR": 0.0609684,
	"EchoTime": 0.03,
	"RepetitionTime": 1.5,
	"FlipAngle": 66,
	"PartialFourier": 1,
	"BaseResolution": 90,
	"ShimSetting": [
		3388,
		-11935,
		11419,
		327,
		-4,
		-242,
		-140,
		14	],
	"TxRefAmp": 250.621,
	"PhaseResolution": 1,
	"ReceiveCoilName": "Head_32",
	"ReceiveCoilActiveElements": "HEA;HEP",
	"PulseSequenceDetails": "%SiemensSeq%_ep2d_bold",
	"ConsistencyInfo": "N4_VE11C_LATEST_20160120",
	"MultibandAccelerationFactor": 4,
	"PercentPhaseFOV": 100,
	"EchoTrainLength": 45,
	"PhaseEncodingSteps": 90,
	"AcquisitionMatrixPE": 90,
	"ReconMatrixPE": 90,
	"BandwidthPerPixelPhaseEncode": 23.895,
	"ParallelReductionFactorInPlane": 2,
	"EffectiveEchoSpacing": 0.000464997,
	"DerivedVendorReportedEchoSpacing": 0.000929995,
	"TotalReadoutTime": 0.0413848,
	"PixelBandwidth": 1500,
	"DwellTime": 3.7e-06,
	"PhaseEncodingDirection": "j",
	"SliceTiming": [
		0.6975,
		0,
		0.785,
		0.0875,
		0.8725,
		0.175,
		0.9575,
		0.2625,
		1.045,
		0.35,
		1.1325,
		0.4375,
		1.22,
		0.5225,
		1.3075,
		0.61,
		1.395,
		0.6975,
		0,
		0.785,
		0.0875,
		0.8725,
		0.175,
		0.9575,
		0.2625,
		1.045,
		0.35,
		1.1325,
		0.4375,
		1.22,
		0.5225,
		1.3075,
		0.61,
		1.395,
		0.6975,
		0,
		0.785,
		0.0875,
		0.8725,
		0.175,
		0.9575,
		0.2625,
		1.045,
		0.35,
		1.1325,
		0.4375,
		1.22,
		0.5225,
		1.3075,
		0.61,
		1.395,
		0.6975,
		0,
		0.785,
		0.0875,
		0.8725,
		0.175,
		0.9575,
		0.2625,
		1.045,
		0.35,
		1.1325,
		0.4375,
		1.22,
		0.5225,
		1.3075,
		0.61,
		1.395	],
	"ImageOrientationPatientDICOM": [
		0.99934,
		-0.00184704,
		-0.0362829,
		-0.00505813,
		0.981906,
		-0.189302	],
	"InPlanePhaseEncodingDirectionDICOM": "COL",
	"ConversionSoftware": "dcm2niix",
	"ConversionSoftwareVersion": "v1.0.20180622 GCC5.3.1"
}
