{
    "InPlanePhaseEncodingDirectionDICOM": "COL", 
    "ConsistencyInfo": "N4_VE11C_LATEST_20160120", 
    "ProcedureStepDescription": "head_Christos_Pilatsikas", 
    "DeviceSerialNumber": "167013", 
    "AcquisitionMatrixPE": 90, 
    "ImageOrientationPatientDICOM": [
        0.996953, 
        0.0602008, 
        0.0496105, 
        -0.0463176, 
        0.968539, 
        -0.244512
    ], 
    "ManufacturersModelName": "Prisma_fit", 
    "ProtocolName": "gre_field_mapping_32ch", 
    "PhaseEncodingDirection": "j", 
    "RepetitionTime": 0.406, 
    "SeriesNumber": 6, 
    "PhaseEncodingSteps": 90, 
    "MRAcquisitionType": "2D", 
    "SliceThickness": 3, 
    "AcquisitionNumber": 1, 
    "InstitutionName": "UoR", 
    "DwellTime": 1.92e-05, 
    "TxRefAmp": 222.493, 
    "BodyPartExamined": "BRAIN", 
    "ReceiveCoilActiveElements": "HEA;HEP", 
    "SAR": 0.110445, 
    "PulseSequenceDetails": "%SiemensSeq%_gre_field_mapping", 
    "ScanningSequence": "GR", 
    "Manufacturer": "Siemens", 
    "ConversionSoftware": "dcm2niix", 
    "PercentPhaseFOV": 100, 
    "ReconMatrixPE": 90, 
    "FlipAngle": 60, 
    "ConversionSoftwareVersion": "v1.0.20180622 GCC5.3.1", 
    "SeriesDescription": "gre_field_mapping_32ch", 
    "PartialFourier": 1, 
    "InstitutionAddress": "Whiteknights_Campus_StreetNo_Reading_District_GB_RG6_7BE", 
    "ShimSetting": [
        1903, 
        -6277, 
        11785, 
        284, 
        7, 
        200, 
        -128, 
        6
    ], 
    "AcquisitionTime": "10:40:7.807500", 
    "SequenceName": "_fm2d2r", 
    "MagneticFieldStrength": 3, 
    "SpacingBetweenSlices": 3.75, 
    "ImageType": [
        "ORIGINAL", 
        "PRIMARY", 
        "M", 
        "ND"
    ], 
    "ReceiveCoilName": "Head_32", 
    "EchoTime": 0.00492, 
    "SequenceVariant": "SP", 
    "IntendedFor": "func/sub-201_task-rest_bold.nii.gz", 
    "PhaseResolution": 1, 
    "BaseResolution": 90, 
    "PixelBandwidth": 290, 
    "SoftwareVersions": "syngo_MR_E11", 
    "StationName": "AWP167013", 
    "Modality": "MR", 
    "InstitutionalDepartmentName": "Department", 
    "PatientPosition": "HFS"
}