{
    "InPlanePhaseEncodingDirectionDICOM": "COL", 
    "ConsistencyInfo": "N4_VE11C_LATEST_20160120", 
    "ProcedureStepDescription": "head_Christos_Pilatsikas", 
    "DeviceSerialNumber": "167013", 
    "AcquisitionMatrixPE": 90, 
    "ImageOrientationPatientDICOM": [
        0.99717, 
        0.0720907, 
        0.0213091, 
        -0.0735775, 
        0.99407, 
        0.0800682
    ], 
    "EffectiveEchoSpacing": 0.000464997, 
    "TotalReadoutTime": 0.0413848, 
    "ManufacturersModelName": "Prisma_fit", 
    "ProtocolName": "Flanker_ep2d_bold_p2_s4_32ch_TR1500_2.1x2.1_68_32-head-Coil", 
    "PhaseEncodingDirection": "j", 
    "BandwidthPerPixelPhaseEncode": 23.895, 
    "RepetitionTime": 1.5, 
    "MultibandAccelerationFactor": 4, 
    "MagneticFieldStrength": 3, 
    "PhaseEncodingSteps": 90, 
    "MRAcquisitionType": "2D", 
    "ParallelReductionFactorInPlane": 2, 
    "SliceThickness": 2, 
    "AcquisitionNumber": 1, 
    "InstitutionName": "UoR", 
    "DwellTime": 3.7e-06, 
    "TxRefAmp": 223.059, 
    "BodyPartExamined": "HEAD", 
    "ReceiveCoilActiveElements": "HEA;HEP", 
    "DerivedVendorReportedEchoSpacing": 0.000929995, 
    "SAR": 0.0537609, 
    "PulseSequenceDetails": "%SiemensSeq%_ep2d_bold", 
    "ScanningSequence": "EP", 
    "Manufacturer": "Siemens", 
    "ConversionSoftware": "dcm2niix", 
    "PercentPhaseFOV": 100, 
    "ReconMatrixPE": 90, 
    "FlipAngle": 66, 
    "ConversionSoftwareVersion": "v1.0.20181125  GCC5.3.1", 
    "SeriesDescription": "Flanker_ep2d_bold_p2_s4_32ch_TR1500_2.1x2.1_68_32-head-Coil", 
    "PartialFourier": 1, 
    "InstitutionAddress": "Whiteknights_Campus_StreetNo_Reading_District_GB_RG6_7BE", 
    "AcquisitionTime": "12:03:19.052500", 
    "ShimSetting": [
        3383, 
        -11890, 
        11440, 
        419, 
        -63, 
        16, 
        -92, 
        80
    ], 
    "PatientPosition": "HFS", 
    "SequenceName": "_epfid2d1_90", 
    "SeriesNumber": 14, 
    "TaskName": "flanker", 
    "SpacingBetweenSlices": 2, 
    "ImageType": [
        "ORIGINAL", 
        "PRIMARY", 
        "M", 
        "ND", 
        "MOSAIC"
    ], 
    "ReceiveCoilName": "Head_32", 
    "EchoTime": 0.03, 
    "SequenceVariant": "SK", 
    "SliceTiming": [
        0.6975, 
        0, 
        0.7825, 
        0.0875, 
        0.87, 
        0.175, 
        0.9575, 
        0.26, 
        1.045, 
        0.3475, 
        1.1325, 
        0.435, 
        1.2175, 
        0.5225, 
        1.305, 
        0.61, 
        1.3925, 
        0.6975, 
        0, 
        0.7825, 
        0.0875, 
        0.87, 
        0.175, 
        0.9575, 
        0.26, 
        1.045, 
        0.3475, 
        1.1325, 
        0.435, 
        1.2175, 
        0.5225, 
        1.305, 
        0.61, 
        1.3925, 
        0.6975, 
        0, 
        0.7825, 
        0.0875, 
        0.87, 
        0.175, 
        0.9575, 
        0.26, 
        1.045, 
        0.3475, 
        1.1325, 
        0.435, 
        1.2175, 
        0.5225, 
        1.305, 
        0.61, 
        1.3925, 
        0.6975, 
        0, 
        0.7825, 
        0.0875, 
        0.87, 
        0.175, 
        0.9575, 
        0.26, 
        1.045, 
        0.3475, 
        1.1325, 
        0.435, 
        1.2175, 
        0.5225, 
        1.305, 
        0.61, 
        1.3925
    ], 
    "ImagingFrequency": 123.25, 
    "EchoTrainLength": 45, 
    "BaseResolution": 90, 
    "PixelBandwidth": 1500, 
    "ScanOptions": "FS", 
    "PhaseResolution": 1, 
    "SoftwareVersions": "syngo_MR_E11", 
    "StationName": "AWP167013", 
    "Modality": "MR", 
    "InstitutionalDepartmentName": "Department"
}