{
	"Modality": "MR",
	"MagneticFieldStrength": 3,
	"Manufacturer": "Siemens",
	"ManufacturersModelName": "Prisma_fit",
	"InstitutionName": "UoR",
	"InstitutionalDepartmentName": "Department",
	"InstitutionAddress": "Whiteknights_Campus_StreetNo_Reading_District_GB_RG6_7BE",
	"DeviceSerialNumber": "167013",
	"StationName": "AWP167013",
	"BodyPartExamined": "HEAD",
	"PatientPosition": "HFS",
	"ProcedureStepDescription": "head_Christos_Pilatsikas",
	"SoftwareVersions": "syngo_MR_E11",
	"MRAcquisitionType": "2D",
	"SeriesDescription": "ep2d_diff_mddw_p2_s4_2mm_2avg_32-head-coil",
	"ProtocolName": "ep2d_diff_mddw_p2_s4_2mm_2avg_32-head-coil",
	"ScanningSequence": "EP",
	"SequenceVariant": "SK_SP",
	"ScanOptions": "PFP_FS",
	"SequenceName": "_ep_b0",
	"ImageType": ["ORIGINAL", "PRIMARY", "DIFFUSION", "NONE", "ND", "NORM", "MOSAIC"],
	"SeriesNumber": 15,
	"AcquisitionTime": "15:20:16.452500",
	"AcquisitionNumber": 1,
	"SliceThickness": 2,
	"SpacingBetweenSlices": 2,
	"SAR": 0.393931,
	"EchoTime": 0.07,
	"RepetitionTime": 1.8,
	"FlipAngle": 90,
	"PartialFourier": 0.75,
	"BaseResolution": 130,
	"ShimSetting": [
		1894,
		-6368,
		11931,
		513,
		-45,
		92,
		59,
		16	],
	"TxRefAmp": 235.385,
	"PhaseResolution": 1,
	"ReceiveCoilName": "Head_32",
	"ReceiveCoilActiveElements": "HEA;HEP",
	"PulseSequenceDetails": "%SiemensSeq%_ep2d_diff",
	"ConsistencyInfo": "N4_VE11C_LATEST_20160120",
	"MultibandAccelerationFactor": 4,
	"PercentPhaseFOV": 100,
	"EchoTrainLength": 53,
	"PhaseEncodingSteps": 105,
	"AcquisitionMatrixPE": 130,
	"ReconMatrixPE": 130,
	"BandwidthPerPixelPhaseEncode": 16.543,
	"ParallelReductionFactorInPlane": 2,
	"EffectiveEchoSpacing": 0.000464989,
	"DerivedVendorReportedEchoSpacing": 0.000929977,
	"TotalReadoutTime": 0.0599835,
	"PixelBandwidth": 1425,
	"DwellTime": 2.7e-06,
	"PhaseEncodingDirection": "j-",
	"SliceTiming": [
		0.83,
		0,
		0.9475,
		0.1175,
		1.0675,
		0.2375,
		1.185,
		0.355,
		1.305,
		0.4725,
		1.4225,
		0.5925,
		1.5425,
		0.71,
		1.66,
		0.83,
		0,
		0.9475,
		0.1175,
		1.0675,
		0.2375,
		1.185,
		0.355,
		1.305,
		0.4725,
		1.4225,
		0.5925,
		1.5425,
		0.71,
		1.66,
		0.83,
		0,
		0.9475,
		0.1175,
		1.0675,
		0.2375,
		1.185,
		0.355,
		1.305,
		0.4725,
		1.4225,
		0.5925,
		1.5425,
		0.71,
		1.66,
		0.83,
		0,
		0.9475,
		0.1175,
		1.0675,
		0.2375,
		1.185,
		0.355,
		1.305,
		0.4725,
		1.4225,
		0.5925,
		1.5425,
		0.71,
		1.66	],
	"ImageOrientationPatientDICOM": [
		0.995933,
		-0.0589483,
		0.0681402,
		0.0729619,
		0.971375,
		-0.226068	],
	"InPlanePhaseEncodingDirectionDICOM": "COL",
	"ConversionSoftware": "dcm2niix",
	"ConversionSoftwareVersion": "v1.0.20180622 GCC5.3.1"
}
