{
	"Modality": "MR",
	"MagneticFieldStrength": 3,
	"Manufacturer": "Siemens",
	"ManufacturersModelName": "Prisma_fit",
	"InstitutionName": "UoR",
	"InstitutionalDepartmentName": "Department",
	"InstitutionAddress": "Whiteknights_Campus_StreetNo_Reading_District_GB_RG6_7BE",
	"DeviceSerialNumber": "167013",
	"StationName": "AWP167013",
	"BodyPartExamined": "HEAD",
	"PatientPosition": "HFS",
	"ProcedureStepDescription": "head_Christos_Pilatsikas",
	"SoftwareVersions": "syngo_MR_E11",
	"MRAcquisitionType": "2D",
	"SeriesDescription": "gre_field_mapping_32ch",
	"ProtocolName": "gre_field_mapping_32ch",
	"ScanningSequence": "GR",
	"SequenceVariant": "SP",
	"SequenceName": "_fm2d2r",
	"ImageType": ["ORIGINAL", "PRIMARY", "M", "ND"],
	"SeriesNumber": 6,
	"AcquisitionTime": "15:59:6.407500",
	"AcquisitionNumber": 1,
	"SliceThickness": 3,
	"SpacingBetweenSlices": 3.75,
	"SAR": 0.136227,
	"EchoNumber": 2,
	"EchoTime": 0.00738,
	"RepetitionTime": 0.406,
	"FlipAngle": 60,
	"PartialFourier": 1,
	"BaseResolution": 90,
	"ShimSetting": [
		1920,
		-6429,
		11906,
		598,
		49,
		-68,
		116,
		-16	],
	"TxRefAmp": 238.14,
	"PhaseResolution": 1,
	"ReceiveCoilName": "Head_32",
	"ReceiveCoilActiveElements": "HEA;HEP",
	"PulseSequenceDetails": "%SiemensSeq%_gre_field_mapping",
	"ConsistencyInfo": "N4_VE11C_LATEST_20160120",
	"PercentPhaseFOV": 100,
	"PhaseEncodingSteps": 90,
	"AcquisitionMatrixPE": 90,
	"ReconMatrixPE": 90,
	"PixelBandwidth": 290,
	"DwellTime": 1.92e-05,
	"PhaseEncodingDirection": "j",
	"ImageOrientationPatientDICOM": [
		0.999818,
		-0.00639992,
		-0.0179511,
		0.00750371,
		0.998041,
		0.0621117	],
	"InPlanePhaseEncodingDirectionDICOM": "COL",
	"ConversionSoftware": "dcm2niix",
	"ConversionSoftwareVersion": "v1.0.20180622 GCC5.3.1"
}
