{
    "InPlanePhaseEncodingDirectionDICOM": "COL", 
    "ConsistencyInfo": "N4_VE11C_LATEST_20160120", 
    "ProcedureStepDescription": "head_Christos_Pilatsikas", 
    "DeviceSerialNumber": "167013", 
    "AcquisitionMatrixPE": 90, 
    "ImageOrientationPatientDICOM": [
        1, 
        0, 
        3.55e-13, 
        0, 
        1, 
        -2.4036e-11
    ], 
    "EffectiveEchoSpacing": 0.000464997, 
    "TotalReadoutTime": 0.0413848, 
    "ManufacturersModelName": "Prisma_fit", 
    "ProtocolName": "Flanker_ep2d_bold_p2_s4_32ch_TR1500_2.1x2.1_68_32-head-Coil", 
    "PhaseEncodingDirection": "j", 
    "BandwidthPerPixelPhaseEncode": 23.895, 
    "RepetitionTime": 1.5, 
    "MultibandAccelerationFactor": 4, 
    "MagneticFieldStrength": 3, 
    "PhaseEncodingSteps": 90, 
    "MRAcquisitionType": "2D", 
    "ParallelReductionFactorInPlane": 2, 
    "SliceThickness": 2, 
    "AcquisitionNumber": 1, 
    "InstitutionName": "UoR", 
    "DwellTime": 3.7e-06, 
    "TxRefAmp": 265.49, 
    "BodyPartExamined": "HEAD", 
    "ReceiveCoilActiveElements": "HEA;HEP", 
    "DerivedVendorReportedEchoSpacing": 0.000929995, 
    "SAR": 0.0658157, 
    "PulseSequenceDetails": "%SiemensSeq%_ep2d_bold", 
    "ScanningSequence": "EP", 
    "Manufacturer": "Siemens", 
    "ConversionSoftware": "dcm2niix", 
    "PercentPhaseFOV": 100, 
    "ReconMatrixPE": 90, 
    "FlipAngle": 66, 
    "ConversionSoftwareVersion": "v1.0.20181125  GCC5.3.1", 
    "SeriesDescription": "Flanker_ep2d_bold_p2_s4_32ch_TR1500_2.1x2.1_68_32-head-Coil", 
    "PartialFourier": 1, 
    "InstitutionAddress": "Whiteknights_Campus_StreetNo_Reading_District_GB_RG6_7BE", 
    "AcquisitionTime": "16:55:59.470000", 
    "ShimSetting": [
        1946, 
        -6164, 
        11730, 
        345, 
        259, 
        516, 
        -324, 
        -57
    ], 
    "PatientPosition": "HFS", 
    "SequenceName": "_epfid2d1_90", 
    "SeriesNumber": 11, 
    "TaskName": "flanker", 
    "SpacingBetweenSlices": 2, 
    "ImageType": [
        "ORIGINAL", 
        "PRIMARY", 
        "M", 
        "ND", 
        "MOSAIC"
    ], 
    "ReceiveCoilName": "Head_32", 
    "EchoTime": 0.03, 
    "SequenceVariant": "SK", 
    "SliceTiming": [
        0.6975, 
        0, 
        0.785, 
        0.0875, 
        0.8725, 
        0.175, 
        0.9575, 
        0.2625, 
        1.045, 
        0.35, 
        1.1325, 
        0.4375, 
        1.22, 
        0.5225, 
        1.3075, 
        0.61, 
        1.395, 
        0.6975, 
        0, 
        0.785, 
        0.0875, 
        0.8725, 
        0.175, 
        0.9575, 
        0.2625, 
        1.045, 
        0.35, 
        1.1325, 
        0.4375, 
        1.22, 
        0.5225, 
        1.3075, 
        0.61, 
        1.395, 
        0.6975, 
        0, 
        0.785, 
        0.0875, 
        0.8725, 
        0.175, 
        0.9575, 
        0.2625, 
        1.045, 
        0.35, 
        1.1325, 
        0.4375, 
        1.22, 
        0.5225, 
        1.3075, 
        0.61, 
        1.395, 
        0.6975, 
        0, 
        0.785, 
        0.0875, 
        0.8725, 
        0.175, 
        0.9575, 
        0.2625, 
        1.045, 
        0.35, 
        1.1325, 
        0.4375, 
        1.22, 
        0.5225, 
        1.3075, 
        0.61, 
        1.395
    ], 
    "ImagingFrequency": 123.259, 
    "EchoTrainLength": 45, 
    "BaseResolution": 90, 
    "PixelBandwidth": 1500, 
    "ScanOptions": "FS", 
    "PhaseResolution": 1, 
    "SoftwareVersions": "syngo_MR_E11", 
    "StationName": "AWP167013", 
    "Modality": "MR", 
    "InstitutionalDepartmentName": "Department"
}