{
	"Modality": "MR",
	"MagneticFieldStrength": 3,
	"Manufacturer": "Siemens",
	"ManufacturersModelName": "Prisma_fit",
	"InstitutionName": "UoR",
	"InstitutionalDepartmentName": "Department",
	"InstitutionAddress": "Whiteknights_Campus_StreetNo_Reading_District_GB_RG6_7BE",
	"DeviceSerialNumber": "167013",
	"StationName": "AWP167013",
	"BodyPartExamined": "HEAD",
	"PatientPosition": "HFS",
	"ProcedureStepDescription": "head_Christos_Pilatsikas",
	"SoftwareVersions": "syngo_MR_E11",
	"MRAcquisitionType": "2D",
	"SeriesDescription": "gre_field_mapping_32ch",
	"ProtocolName": "gre_field_mapping_32ch",
	"ScanningSequence": "GR",
	"SequenceVariant": "SP",
	"SequenceName": "_fm2d2r",
	"ImageType": ["ORIGINAL", "PRIMARY", "M", "ND"],
	"SeriesNumber": 6,
	"AcquisitionTime": "09:59:28.687500",
	"AcquisitionNumber": 1,
	"SliceThickness": 3,
	"SpacingBetweenSlices": 3.75,
	"SAR": 0.132634,
	"EchoTime": 0.00492,
	"RepetitionTime": 0.406,
	"FlipAngle": 60,
	"PartialFourier": 1,
	"BaseResolution": 90,
	"ShimSetting": [
		3391,
		-11949,
		11452,
		356,
		24,
		-161,
		11,
		-22	],
	"TxRefAmp": 239.179,
	"PhaseResolution": 1,
	"ReceiveCoilName": "Head_32",
	"ReceiveCoilActiveElements": "HEA;HEP",
	"PulseSequenceDetails": "%SiemensSeq%_gre_field_mapping",
	"ConsistencyInfo": "N4_VE11C_LATEST_20160120",
	"PercentPhaseFOV": 100,
	"PhaseEncodingSteps": 90,
	"AcquisitionMatrixPE": 90,
	"ReconMatrixPE": 90,
	"PixelBandwidth": 290,
	"DwellTime": 1.92e-05,
	"PhaseEncodingDirection": "j",
	"ImageOrientationPatientDICOM": [
		0.998957,
		0.043511,
		0.0138238,
		-0.0437901,
		0.998829,
		0.0205713	],
	"InPlanePhaseEncodingDirectionDICOM": "COL",
	"ConversionSoftware": "dcm2niix",
	"ConversionSoftwareVersion": "v1.0.20180622 GCC5.3.1"
}
