{
    "TaskName": "rest",
    "InPlanePhaseEncodingDirectionDICOM": "COL", 
    "ConsistencyInfo": "N4_VE11C_LATEST_20160120", 
    "ProcedureStepDescription": "head_Christos_Pilatsikas", 
    "DeviceSerialNumber": "167013", 
    "AcquisitionMatrixPE": 90, 
    "ImageOrientationPatientDICOM": [
        0.996953, 
        0.0602008, 
        0.0496105, 
        -0.0463176, 
        0.968539, 
        -0.244512
    ], 
    "EffectiveEchoSpacing": 0.000464997, 
    "TotalReadoutTime": 0.0413848, 
    "ManufacturersModelName": "Prisma_fit", 
    "ProtocolName": "Resting_ep2d_bold_p2_s4_32ch_TR1500_2.1x2.1_68_32-head-Coil", 
    "PhaseEncodingDirection": "j", 
    "BandwidthPerPixelPhaseEncode": 23.895, 
    "RepetitionTime": 1.5, 
    "MultibandAccelerationFactor": 4, 
    "SeriesNumber": 5, 
    "PhaseEncodingSteps": 90, 
    "MRAcquisitionType": "2D", 
    "ParallelReductionFactorInPlane": 2, 
    "SliceThickness": 2, 
    "AcquisitionNumber": 1, 
    "InstitutionName": "UoR", 
    "DwellTime": 3.7e-06, 
    "TxRefAmp": 222.493, 
    "BodyPartExamined": "BRAIN", 
    "ReceiveCoilActiveElements": "HEA;HEP", 
    "DerivedVendorReportedEchoSpacing": 0.000929995, 
    "SAR": 0.0523426, 
    "PulseSequenceDetails": "%SiemensSeq%_ep2d_bold", 
    "ScanningSequence": "EP", 
    "Manufacturer": "Siemens", 
    "ConversionSoftware": "dcm2niix", 
    "PercentPhaseFOV": 100, 
    "ReconMatrixPE": 90, 
    "FlipAngle": 66, 
    "ConversionSoftwareVersion": "v1.0.20180622 GCC5.3.1", 
    "SeriesDescription": "Resting_ep2d_bold_p2_s4_32ch_TR1500_2.1x2.1_68_32-head-Coil", 
    "PartialFourier": 1, 
    "InstitutionAddress": "Whiteknights_Campus_StreetNo_Reading_District_GB_RG6_7BE", 
    "AcquisitionTime": "10:32:29.867500", 
    "ShimSetting": [
        1905, 
        -6272, 
        11788, 
        282, 
        13, 
        231, 
        -132, 
        7
    ], 
    "PatientPosition": "HFS", 
    "SequenceName": "_epfid2d1_90", 
    "MagneticFieldStrength": 3, 
    "TaskName": "rest", 
    "SpacingBetweenSlices": 2, 
    "ImageType": [
        "ORIGINAL", 
        "PRIMARY", 
        "M", 
        "ND", 
        "MOSAIC"
    ], 
    "ReceiveCoilName": "Head_32", 
    "EchoTime": 0.03, 
    "SequenceVariant": "SK", 
    "SliceTiming": [
        0.695, 
        0, 
        0.7825, 
        0.0875, 
        0.87, 
        0.1725, 
        0.9575, 
        0.26, 
        1.045, 
        0.3475, 
        1.13, 
        0.435, 
        1.2175, 
        0.5225, 
        1.305, 
        0.6075, 
        1.3925, 
        0.695, 
        0, 
        0.7825, 
        0.0875, 
        0.87, 
        0.1725, 
        0.9575, 
        0.26, 
        1.045, 
        0.3475, 
        1.13, 
        0.435, 
        1.2175, 
        0.5225, 
        1.305, 
        0.6075, 
        1.3925, 
        0.695, 
        0, 
        0.7825, 
        0.0875, 
        0.87, 
        0.1725, 
        0.9575, 
        0.26, 
        1.045, 
        0.3475, 
        1.13, 
        0.435, 
        1.2175, 
        0.5225, 
        1.305, 
        0.6075, 
        1.3925, 
        0.695, 
        0, 
        0.7825, 
        0.0875, 
        0.87, 
        0.1725, 
        0.9575, 
        0.26, 
        1.045, 
        0.3475, 
        1.13, 
        0.435, 
        1.2175, 
        0.5225, 
        1.305, 
        0.6075, 
        1.3925
    ], 
    "PhaseResolution": 1, 
    "EchoTrainLength": 45, 
    "BaseResolution": 90, 
    "PixelBandwidth": 1500, 
    "ScanOptions": "FS", 
    "SoftwareVersions": "syngo_MR_E11", 
    "StationName": "AWP167013", 
    "Modality": "MR", 
    "InstitutionalDepartmentName": "Department"
}
